GEM
  remote: http://ruby.taobao.org/
  specs:
    em-websocket (0.5.0)
      eventmachine (>= 0.12.9)
      http_parser.rb (~> 0.5.3)
    eventmachine (1.0.3)
    eventmachine-tail (0.6.4)
      eventmachine
    http_parser.rb (0.5.3)
    rack (1.5.2)
    rack-protection (1.5.0)
      rack
    sinatra (1.4.3)
      rack (~> 1.4)
      rack-protection (~> 1.4)
      tilt (~> 1.3, >= 1.3.4)
    tilt (1.4.1)

PLATFORMS
  ruby

DEPENDENCIES
  em-websocket
  eventmachine
  eventmachine-tail
  sinatra
